NUGET
  remote: https://www.nuget.org/api/v2
  specs:
    canopy (0.9.54)
      FSharp.Core (>= 3.0.2)
      Selenium.WebDriver (2.53)
    FSharp.Core (4.0.0.1)
    Selenium.WebDriver (2.53)
